GEM
  remote: https://rubygems.org/
  specs:
    actionmailer (3.2.9)
      actionpack (= 3.2.9)
      mail (~> 2.4.4)
    actionpack (3.2.9)
      activemodel (= 3.2.9)
      activesupport (= 3.2.9)
      builder (~> 3.0.0)
      erubis (~> 2.7.0)
      journey (~> 1.0.4)
      rack (~> 1.4.0)
      rack-cache (~> 1.2)
      rack-test (~> 0.6.1)
      sprockets (~> 2.2.1)
    activemodel (3.2.9)
      activesupport (= 3.2.9)
      builder (~> 3.0.0)
    activerecord (3.2.9)
      activemodel (= 3.2.9)
      activesupport (= 3.2.9)
      arel (~> 3.0.2)
      tzinfo (~> 0.3.29)
    activeresource (3.2.9)
      activemodel (= 3.2.9)
      activesupport (= 3.2.9)
    activesupport (3.2.9)
      i18n (~> 0.6)
      multi_json (~> 1.0)
    addressable (2.3.4)
    ambry (0.3.1)
    arel (3.0.2)
    atomic (1.1.14)
    aws-sdk (1.16.0)
      json (~> 1.4)
      nokogiri (< 1.6.0)
      uuidtools (~> 2.1)
    aws_cf_signer (0.1.2)
    bcrypt-ruby (3.0.1)
    builder (3.0.4)
    capybara (2.1.0)
      mime-types (>= 1.16)
      nokogiri (>= 1.3.3)
      rack (>= 1.0.0)
      rack-test (>= 0.5.4)
      xpath (~> 2.0)
    choice (0.1.6)
    client_side_validations (3.2.6)
    client_side_validations-simple_form (2.1.0)
      client_side_validations (~> 3.2.5)
      simple_form (~> 2.1.0)
    climate_control (0.0.3)
      activesupport (>= 3.0)
    cloudinary (1.0.66)
      aws_cf_signer
      rest-client
    cocaine (0.5.1)
      climate_control (>= 0.0.3, < 1.0)
    coderay (1.0.9)
    coffee-rails (3.2.2)
      coffee-script (>= 2.2.0)
      railties (~> 3.2.0)
    coffee-script (2.2.0)
      coffee-script-source
      execjs
    coffee-script-source (1.6.3)
    database_cleaner (1.0.1)
    devise (3.2.2)
      bcrypt-ruby (~> 3.0)
      orm_adapter (~> 0.1)
      railties (>= 3.2.6, < 5)
      thread_safe (~> 0.1)
      warden (~> 1.2.3)
    diff-lcs (1.2.4)
    erubis (2.7.0)
    excon (0.25.3)
    execjs (2.0.1)
    factory_girl (4.2.0)
      activesupport (>= 3.0.0)
    factory_girl_rails (4.2.1)
      factory_girl (~> 4.2.0)
      railties (>= 3.0.0)
    faker (1.2.0)
      i18n (~> 0.5)
    faraday (0.8.8)
      multipart-post (~> 1.2.0)
    ffi (1.9.0)
    figaro (0.7.0)
      bundler (~> 1.0)
      rails (>= 3, < 5)
    forgery (0.5.0)
    formatador (0.2.4)
    geocoder (1.1.8)
    guard (1.8.2)
      formatador (>= 0.2.4)
      listen (>= 1.0.0)
      lumberjack (>= 1.0.2)
      pry (>= 0.9.10)
      thor (>= 0.14.6)
    guard-rspec (3.0.2)
      guard (>= 1.8)
      rspec (~> 2.13)
    haml (4.0.3)
      tilt
    haml-rails (0.4)
      actionpack (>= 3.1, < 4.1)
      activesupport (>= 3.1, < 4.1)
      haml (>= 3.1, < 4.1)
      railties (>= 3.1, < 4.1)
    hashie (2.0.5)
    heroku (3.1.0)
      heroku-api (~> 0.3.7)
      launchy (>= 0.3.2)
      netrc (~> 0.7.7)
      rest-client (~> 1.6.1)
      rubyzip
    heroku-api (0.3.15)
      excon (~> 0.25.1)
    hike (1.2.3)
    httpauth (0.2.0)
    i18n (0.6.5)
    journey (1.0.4)
    jquery-fileupload-rails (0.4.1)
      actionpack (>= 3.1)
      railties (>= 3.1)
    jquery-modal-rails (0.0.3)
      jquery-ui-rails
      railties (>= 3.2.0, < 5.0)
      thor (~> 0.14)
      uuidtools
    jquery-rails (3.0.4)
      railties (>= 3.0, < 5.0)
      thor (>= 0.14, < 2.0)
    jquery-ui-rails (4.0.4)
      jquery-rails
      railties (>= 3.1.0)
    json (1.8.0)
    jwt (0.1.8)
      multi_json (>= 1.5)
    kaminari (0.14.1)
      actionpack (>= 3.0.0)
      activesupport (>= 3.0.0)
    koala (1.6.0)
      addressable (~> 2.2)
      faraday (~> 0.8)
      multi_json (~> 1.3)
    launchy (2.3.0)
      addressable (~> 2.3)
    libv8 (3.16.14.3)
    listen (1.3.0)
      rb-fsevent (>= 0.9.3)
      rb-inotify (>= 0.9)
      rb-kqueue (>= 0.2)
    localtunnel (0.3)
      json (>= 1.2.4)
      net-ssh (>= 2.0.22)
      net-ssh-gateway (>= 1.0.1)
    lumberjack (1.0.4)
    mail (2.4.4)
      i18n (>= 0.4.0)
      mime-types (~> 1.16)
      treetop (~> 1.4.8)
    mandrill-api (1.0.43)
      excon (>= 0.16.0, < 1.0)
      json (>= 1.7.7, < 2.0)
    merit (1.7.0)
      ambry (~> 0.3.0)
    method_source (0.8.2)
    mime-types (1.25)
    mobile-fu (1.3.1)
      rack-mobile-detect
      rails
    multi_json (1.7.9)
    multipart-post (1.2.0)
    net-ssh (2.6.8)
    net-ssh-gateway (1.2.0)
      net-ssh (>= 2.6.5)
    netrc (0.7.7)
    nokogiri (1.5.10)
    oauth2 (0.8.1)
      faraday (~> 0.8)
      httpauth (~> 0.1)
      jwt (~> 0.1.4)
      multi_json (~> 1.0)
      rack (~> 1.2)
    omniauth (1.1.4)
      hashie (>= 1.2, < 3)
      rack
    omniauth-facebook (1.5.1)
      omniauth-oauth2 (~> 1.1.0)
    omniauth-oauth2 (1.1.1)
      oauth2 (~> 0.8.0)
      omniauth (~> 1.0)
    omniauth-stripe-connect (2.3.0)
      omniauth (~> 1.0)
      omniauth-oauth2 (>= 1.0.3)
    orm_adapter (0.5.0)
    paperclip (3.5.1)
      activemodel (>= 3.0.0)
      activesupport (>= 3.0.0)
      cocaine (~> 0.5.0)
      mime-types
    pg (0.16.0)
    polyamorous (0.6.3)
      activerecord (>= 3.0)
    polyglot (0.3.3)
    pry (0.9.12.2)
      coderay (~> 1.0.5)
      method_source (~> 0.8)
      slop (~> 3.4)
    rack (1.4.5)
    rack-cache (1.2)
      rack (>= 0.4)
    rack-mobile-detect (0.4.0)
      rack
    rack-ssl (1.3.3)
      rack
    rack-test (0.6.2)
      rack (>= 1.0)
    rails (3.2.9)
      actionmailer (= 3.2.9)
      actionpack (= 3.2.9)
      activerecord (= 3.2.9)
      activeresource (= 3.2.9)
      activesupport (= 3.2.9)
      bundler (~> 1.0)
      railties (= 3.2.9)
    rails-erd (1.1.0)
      activerecord (>= 3.0)
      activesupport (>= 3.0)
      choice (~> 0.1.6)
      ruby-graphviz (~> 1.0.4)
    rails_tokeninput (1.6.0)
      railties (>= 3.1.0)
    railties (3.2.9)
      actionpack (= 3.2.9)
      activesupport (= 3.2.9)
      rack-ssl (~> 1.3.2)
      rake (>= 0.8.7)
      rdoc (~> 3.4)
      thor (>= 0.14.6, < 2.0)
    rake (10.1.0)
    ransack (1.0.0)
      actionpack (>= 3.0)
      activerecord (>= 3.0)
      polyamorous (~> 0.6.0)
    rb-fsevent (0.9.3)
    rb-inotify (0.9.1)
      ffi (>= 0.5.0)
    rb-kqueue (0.2.0)
      ffi (>= 0.5.0)
    rdoc (3.12.2)
      json (~> 1.4)
    ref (1.0.5)
    rest-client (1.6.7)
      mime-types (>= 1.16)
    rspec (2.14.1)
      rspec-core (~> 2.14.0)
      rspec-expectations (~> 2.14.0)
      rspec-mocks (~> 2.14.0)
    rspec-core (2.14.5)
    rspec-expectations (2.14.2)
      diff-lcs (>= 1.1.3, < 2.0)
    rspec-mocks (2.14.3)
    rspec-rails (2.14.0)
      actionpack (>= 3.0)
      activesupport (>= 3.0)
      railties (>= 3.0)
      rspec-core (~> 2.14.0)
      rspec-expectations (~> 2.14.0)
      rspec-mocks (~> 2.14.0)
    ruby-graphviz (1.0.9)
    rubyzip (1.1.0)
    s3_direct_upload (0.1.6)
      coffee-rails (>= 3.2.1)
      jquery-fileupload-rails (~> 0.4.1)
      rails (>= 3.2)
      sass-rails (>= 3.2.5)
    s3_file_field (1.0.7)
      coffee-rails (>= 3.2.1)
      jquery-fileupload-rails (~> 0.4.1)
      rails (>= 3.2)
      sass-rails (>= 3.2.5)
    sass (3.2.10)
    sass-rails (3.2.6)
      railties (~> 3.2.0)
      sass (>= 3.1.10)
      tilt (~> 1.3)
    shoulda-matchers (2.4.0)
      activesupport (>= 3.0.0)
    simple_form (2.1.0)
      actionpack (~> 3.0)
      activemodel (~> 3.0)
    skeuocard-rails (1.0.3)
      railties (>= 3.1.0)
    slop (3.4.6)
    sprockets (2.2.2)
      hike (~> 1.2)
      multi_json (~> 1.0)
      rack (~> 1.0)
      tilt (~> 1.1, != 1.3.0)
    sqlite3 (1.3.8)
    stripe (1.8.6)
      multi_json (>= 1.0.4, < 2)
      rest-client (~> 1.4)
    therubyracer (0.12.0)
      libv8 (~> 3.16.14.0)
      ref
    thor (0.18.1)
    thread_safe (0.1.3)
      atomic
    tilt (1.4.1)
    treetop (1.4.15)
      polyglot
      polyglot (>= 0.3.1)
    turbolinks (1.3.1)
      coffee-rails
    tzinfo (0.3.37)
    uglifier (2.2.1)
      execjs (>= 0.3.0)
      multi_json (~> 1.0, >= 1.0.2)
    uuidtools (2.1.4)
    warden (1.2.3)
      rack (>= 1.0)
    will_paginate (3.0.4)
    xpath (2.0.0)
      nokogiri (~> 1.3)

PLATFORMS
  ruby

DEPENDENCIES
  aws-sdk
  bcrypt-ruby (~> 3.0.0)
  capybara
  client_side_validations (~> 3.2.0)
  client_side_validations-simple_form
  cloudinary
  coffee-rails
  database_cleaner
  devise
  factory_girl
  factory_girl_rails
  faker
  figaro
  forgery
  geocoder
  guard-rspec (>= 2.0.1)
  haml (>= 3.0.0)
  haml-rails
  heroku
  jquery-fileupload-rails
  jquery-modal-rails
  jquery-rails
  jquery-ui-rails
  kaminari
  koala
  launchy
  localtunnel
  mandrill-api
  merit
  mobile-fu
  omniauth
  omniauth-facebook
  omniauth-stripe-connect
  paperclip
  pg
  rails (= 3.2.9)
  rails-erd
  rails_tokeninput
  ransack
  rspec-rails (>= 2.0.1)
  s3_direct_upload
  s3_file_field
  sass-rails (~> 3.2.3)
  shoulda-matchers
  simple_form
  skeuocard-rails
  sqlite3
  stripe
  therubyracer
  turbolinks
  uglifier (>= 1.0.3)
  will_paginate
